GEM
  remote: http://rubygems.org/
  specs:
    abstract (1.0.0)
    actionmailer (3.0.20)
      actionpack (= 3.0.20)
      mail (~> 2.2.19)
    actionpack (3.0.20)
      activemodel (= 3.0.20)
      activesupport (= 3.0.20)
      builder (~> 2.1.2)
      erubis (~> 2.6.6)
      i18n (~> 0.5.0)
      rack (~> 1.2.5)
      rack-mount (~> 0.6.14)
      rack-test (~> 0.5.7)
      tzinfo (~> 0.3.23)
    activemodel (3.0.20)
      activesupport (= 3.0.20)
      builder (~> 2.1.2)
      i18n (~> 0.5.0)
    activerecord (3.0.20)
      activemodel (= 3.0.20)
      activesupport (= 3.0.20)
      arel (~> 2.0.10)
      tzinfo (~> 0.3.23)
    activeresource (3.0.20)
      activemodel (= 3.0.20)
      activesupport (= 3.0.20)
    activesupport (3.0.20)
    acts_as_commentable_with_threading (1.2.0)
      activerecord (>= 3.0)
      activesupport (>= 3.0)
      awesome_nested_set (>= 2.0)
    arel (2.0.10)
    authlogic (3.2.0)
      activerecord (>= 3.0.0)
      activesupport (>= 3.0.0)
    authlogic_rpx (1.1.1)
      authlogic (>= 2.1.3)
      rpx_now (>= 0.6.12)
    awesome_nested_set (2.1.6)
      activerecord (>= 3.0.0)
    builder (2.1.2)
    erubis (2.6.6)
      abstract (>= 1.0.0)
    hoptoad_notifier (2.4.11)
      activesupport
      builder
    i18n (0.5.4)
    json (1.8.1)
    json_pure (1.8.1)
    later_dude (0.3.1)
    mail (2.2.20)
      activesupport (>= 2.3.6)
      i18n (>= 0.4.0)
      mime-types (~> 1.16)
      treetop (~> 1.4.8)
    mime-types (1.25.1)
    newrelic_rpm (3.8.1.221)
    pg (0.17.1)
    polyglot (0.3.5)
    rack (1.2.8)
    rack-mount (0.6.14)
      rack (>= 1.0.0)
    rack-test (0.5.7)
      rack (>= 1.0)
    rails (3.0.20)
      actionmailer (= 3.0.20)
      actionpack (= 3.0.20)
      activerecord (= 3.0.20)
      activeresource (= 3.0.20)
      activesupport (= 3.0.20)
      bundler (~> 1.0)
      railties (= 3.0.20)
    railties (3.0.20)
      actionpack (= 3.0.20)
      activesupport (= 3.0.20)
      rake (>= 0.8.7)
      rdoc (~> 3.4)
      thor (~> 0.14.4)
    rake (0.9.2.2)
    rdoc (3.12.2)
      json (~> 1.4)
    recaptcha (0.3.6)
    rpx_now (0.7.1)
      json_pure
    ruleby (0.8)
    simple-navigation (3.12.0)
      activesupport (>= 2.3.2)
    sqlite3 (1.3.5)
    state_machine (1.1.2)
    statistics (1.0.0)
    thor (0.14.6)
    treetop (1.4.15)
      polyglot
      polyglot (>= 0.3.1)
    tzinfo (0.3.39)
    uuidtools (2.1.1)
    valid_email (0.0.5)
      activemodel
      mail
    wice_grid (3.0.4)
    will_paginate (3.0.3)

PLATFORMS
  ruby

DEPENDENCIES
  acts_as_commentable_with_threading
  authlogic (= 3.2.0)
  authlogic_rpx (= 1.1.1)
  hoptoad_notifier (= 2.4.11)
  later_dude (= 0.3.1)
  newrelic_rpm
  pg
  rails (= 3.0.20)
  rake (= 0.9.2.2)
  recaptcha
  rpx_now (= 0.7.1)
  ruleby (= 0.8)
  simple-navigation (= 3.12.0)
  sqlite3 (= 1.3.5)
  state_machine (= 1.1.2)
  statistics (= 1.0.0)
  uuidtools (= 2.1.1)
  valid_email
  wice_grid (= 3.0.4)
  will_paginate (= 3.0.3)
